GIT
  remote: https://github.com/imustafin/jekyll-seo-tag.git
  revision: f1a0a2cd326f8a5cac1a77208fab72a1dec6243d
  specs:
    jekyll-seo-tag (2.8.0)
      jekyll (>= 3.8, < 5.0)

GEM
  remote: https://rubygems.org/
  specs:
    addressable (2.8.7)
      public_suffix (>= 2.0.2, < 7.0)
    bcp47_spec (0.2.1)
    bigdecimal (3.1.8)
    colorator (1.1.0)
    concurrent-ruby (1.3.4)
    em-websocket (0.5.3)
      eventmachine (>= 0.12.9)
      http_parser.rb (~> 0)
    eventmachine (1.2.7)
    ffi (1.17.0-x86_64-linux-gnu)
    forwardable-extended (2.6.0)
    google-protobuf (4.28.2-x86_64-linux)
      bigdecimal
      rake (>= 13)
    haml (6.3.0)
      temple (>= 0.8.2)
      thor
      tilt
    htmlentities (4.3.4)
    http_parser.rb (0.8.0)
    i18n (1.14.6)
      concurrent-ruby (~> 1.0)
    jekyll (4.3.4)
      addressable (~> 2.4)
      colorator (~> 1.0)
      em-websocket (~> 0.5)
      i18n (~> 1.0)
      jekyll-sass-converter (>= 2.0, < 4.0)
      jekyll-watch (~> 2.0)
      kramdown (~> 2.3, >= 2.3.1)
      kramdown-parser-gfm (~> 1.0)
      liquid (~> 4.0)
      mercenary (>= 0.3.6, < 0.5)
      pathutil (~> 0.9)
      rouge (>= 3.0, < 5.0)
      safe_yaml (~> 1.0)
      terminal-table (>= 1.8, < 4.0)
      webrick (~> 1.7)
    jekyll-inline-svg (1.1.5)
      jekyll (>= 3.3, < 5.0)
      svg_optimizer (~> 0.3.0)
    jekyll-node-module (0.1.3)
      jekyll (>= 2.0, < 5.0)
    jekyll-plantuml (1.4.2)
      jekyll (> 2.0)
    jekyll-postcss (0.5.0)
    jekyll-redirect-from (0.16.0)
      jekyll (>= 3.3, < 5.0)
    jekyll-sass-converter (3.0.0)
      sass-embedded (~> 1.54)
    jekyll-watch (2.2.1)
      listen (~> 3.0)
    jekyll_picture_tag (2.1.2)
      addressable (~> 2.6)
      jekyll (~> 4.0)
      mime-types (~> 3.0)
      objective_elements (~> 1.1)
      rainbow (~> 3.0)
      ruby-vips (~> 2.2)
    kramdown (2.4.0)
      rexml
    kramdown-parser-gfm (1.1.0)
      kramdown (~> 2.0)
    link_header (0.0.8)
    liquid (4.0.4)
    listen (3.9.0)
      rb-fsevent (~> 0.10, >= 0.10.3)
      rb-inotify (~> 0.9, >= 0.9.10)
    logger (1.6.1)
    mercenary (0.4.0)
    mime-types (3.5.2)
      mime-types-data (~> 3.2015)
    mime-types-data (3.2024.0903)
    minitest (5.25.2)
    nokogiri (1.16.5-x86_64-linux)
      racc (~> 1.4)
    objective_elements (1.1.2)
    pathutil (0.16.2)
      forwardable-extended (~> 2.6)
    public_suffix (6.0.1)
    racc (1.8.0)
    rainbow (3.1.1)
    rake (13.2.1)
    rb-fsevent (0.11.2)
    rb-inotify (0.11.1)
      ffi (~> 1.0)
    rdf (3.3.2)
      bcp47_spec (~> 0.2)
      bigdecimal (~> 3.1, >= 3.1.5)
      link_header (~> 0.0, >= 0.0.8)
    rdf-aggregate-repo (3.3.0)
      rdf (~> 3.3)
    rdf-microdata (3.3.0)
      htmlentities (~> 4.3)
      nokogiri (~> 1.15, >= 1.15.4)
      rdf (~> 3.3)
      rdf-rdfa (~> 3.3)
      rdf-xsd (~> 3.3)
    rdf-rdfa (3.3.0)
      haml (~> 6.1)
      htmlentities (~> 4.3)
      rdf (~> 3.3)
      rdf-aggregate-repo (~> 3.3)
      rdf-vocab (~> 3.3)
      rdf-xsd (~> 3.3)
    rdf-vocab (3.3.2)
      rdf (~> 3.3)
    rdf-xsd (3.3.0)
      rdf (~> 3.3)
      rexml (~> 3.2)
    rexml (3.3.8)
    rouge (4.4.0)
    ruby-vips (2.2.2)
      ffi (~> 1.12)
      logger
    safe_yaml (1.0.5)
    sass-embedded (1.79.4-x86_64-linux-gnu)
      google-protobuf (~> 4.27)
    svg_optimizer (0.3.0)
      nokogiri
    temple (0.10.3)
    terminal-table (3.0.2)
      unicode-display_width (>= 1.1.1, < 3)
    thor (1.3.1)
    tilt (2.3.0)
    unicode-display_width (2.6.0)
    webrick (1.8.2)

PLATFORMS
  x86_64-linux

DEPENDENCIES
  jekyll (~> 4.3)
  jekyll-inline-svg (~> 1.1, >= 1.1.5)
  jekyll-node-module (~> 0.1.3)
  jekyll-plantuml (~> 1.4, >= 1.4.2)
  jekyll-postcss (~> 0.5.0)
  jekyll-redirect-from (~> 0.16.0)
  jekyll-seo-tag!
  jekyll_picture_tag (~> 2.1)
  minitest (~> 5.25)
  rdf-microdata (~> 3.3)
  rdf-vocab (~> 3.3)

BUNDLED WITH
   2.2.3
